GEM
  remote: http://rubygems.org/
  specs:
    multi_json (1.3.7)
    simplecov (0.7.1)
      multi_json (~> 1.0)
      simplecov-html (~> 0.7.1)
    simplecov-html (0.7.1)

PLATFORMS
  ruby

DEPENDENCIES
  simplecov (>= 0.4.0)
